GEM
  remote: https://rubygems.org/
  specs:
    byebug (11.1.1)
    colorize (0.8.1)
    jasmine (3.5.1)
      jasmine-core (~> 3.5.0)
      phantomjs
      rack (>= 1.2.1)
      rake
    jasmine-core (3.5.0)
    phantomjs (2.1.1.0)
    rack (2.2.2)
    rake (13.0.1)

PLATFORMS
  ruby

DEPENDENCIES
  byebug
  colorize
  jasmine

BUNDLED WITH
   2.1.2
